GEM
  remote: https://rubygems.org/
  specs:
    addressable (2.3.2)
    chunky_png (1.2.6)
    coffee-script (2.2.0)
      coffee-script-source
      execjs
    coffee-script-source (1.3.3)
    compass (0.12.2)
      chunky_png (~> 1.2)
      fssm (>= 0.2.7)
      sass (~> 3.1)
    em-websocket (0.3.8)
      addressable (>= 2.1.1)
      eventmachine (>= 0.12.9)
    eventmachine (0.12.10)
    execjs (1.4.0)
      multi_json (~> 1.0)
    fssm (0.2.9)
    growl (1.0.3)
    guard (1.4.0)
      listen (>= 0.4.2)
      thor (>= 0.14.6)
    guard-coffeescript (1.2.0)
      coffee-script (>= 2.2.0)
      guard (>= 1.1.0)
    guard-compass (0.0.6)
      compass (>= 0.10.5)
      guard (>= 0.2.1)
    guard-haml (0.4)
      guard (>= 1.1)
      haml (>= 3.0)
    guard-livereload (1.0.0)
      em-websocket (>= 0.2.0)
      guard (>= 1.1.0)
      multi_json (~> 1.0)
    guard-sass (1.0.0)
      guard (>= 1.1.0)
      sass (>= 3.1)
    haml (3.1.7)
    listen (0.5.3)
    multi_json (1.3.6)
    rb-fsevent (0.9.2)
    sass (3.2.1)
    thor (0.16.0)

PLATFORMS
  ruby

DEPENDENCIES
  growl
  guard
  guard-coffeescript
  guard-compass
  guard-haml
  guard-livereload
  guard-sass
  rb-fsevent (~> 0.9.1)
